GEM
  remote: https://rubygems.org/
  specs:
    awesome_print (1.8.0)
    coderay (1.1.2)
    diff-lcs (1.3)
    excon (0.60.0)
    hobby (0.1.1)
      rack
    hobby-json (0.0.4)
      rack
    method_source (0.9.0)
    power_assert (1.1.1)
    pry (0.11.3)
      coderay (~> 1.1.0)
      method_source (~> 0.9.0)
    puma (3.11.3)
    rack (2.0.3)
    redis (4.0.1)
    rspec (3.7.0)
      rspec-core (~> 3.7.0)
      rspec-expectations (~> 3.7.0)
      rspec-mocks (~> 3.7.0)
    rspec-core (3.7.1)
      rspec-support (~> 3.7.0)
    rspec-expectations (3.7.0)
      diff-lcs (>= 1.2.0, < 2.0)
      rspec-support (~> 3.7.0)
    rspec-mocks (3.7.0)
      diff-lcs (>= 1.2.0, < 2.0)
      rspec-support (~> 3.7.0)
    rspec-power_assert (1.1.0)
      power_assert (~> 1.1.0)
      rspec (>= 2.14)
    rspec-support (3.7.1)

PLATFORMS
  ruby

DEPENDENCIES
  awesome_print
  excon
  hobby
  hobby-json
  pry
  puma
  redis
  rspec
  rspec-power_assert

BUNDLED WITH
   1.16.1
