GEM
  remote: https://rubygems.org/
  specs:
    hobby (0.1.1)
      rack
    hobby-json (0.0.4)
      rack
    rack (2.0.3)

PLATFORMS
  ruby

DEPENDENCIES
  hobby
  hobby-json

BUNDLED WITH
   1.16.1
